PATH
  remote: ~/code/Shuriken
  specs:
    Shuriken (0.1.0)
      erubis
      rack
      rake (~> 10.0)

GEM
  remote: https://gems.ruby-china.org/
  specs:
    erubis (2.7.0)
    ffi (1.9.14)
    listen (3.1.5)
      rb-fsevent (~> 0.9, >= 0.9.4)
      rb-inotify (~> 0.9, >= 0.9.7)
      ruby_dep (~> 1.2)
    rack (2.0.1)
    rake (10.5.0)
    rb-fsevent (0.9.8)
    rb-inotify (0.9.7)
      ffi (>= 0.5.0)
    rerun (0.11.0)
      listen (~> 3.0)
    ruby_dep (1.5.0)

PLATFORMS
  ruby

DEPENDENCIES
  Shuriken!
  rerun

BUNDLED WITH
   1.11.2
